GEM
  remote: https://rubygems.org/
  specs:
    Ascii85 (1.0.2)
    afm (0.2.2)
    asciidoctor (1.5.2)
    asciidoctor-pdf (1.5.0.alpha.5)
      asciidoctor (~> 1.5.0)
      prawn (= 1.2.1)
      prawn-svg (= 0.16.0)
      prawn-table (= 0.1.1)
      prawn-templates (= 0.0.3)
      treetop (= 1.5.3)
    coderay (1.1.0)
    hashery (2.1.1)
    pdf-core (0.2.5)
    pdf-reader (1.3.3)
      Ascii85 (~> 1.0.0)
      afm (~> 0.2.0)
      hashery (~> 2.0)
      ruby-rc4
      ttfunk
    polyglot (0.3.5)
    prawn (1.2.1)
      pdf-core (~> 0.2.5)
      ttfunk (~> 1.2.0)
    prawn-svg (0.16.0)
      prawn (>= 0.8.4)
    prawn-table (0.1.1)
    prawn-templates (0.0.3)
      pdf-reader (~> 1.3)
      prawn (>= 0.15.0)
    rake (10.4.2)
    ruby-rc4 (0.1.5)
    treetop (1.5.3)
      polyglot (~> 0.3)
    ttfunk (1.2.2)

PLATFORMS
  ruby

DEPENDENCIES
  asciidoctor (~> 1.5.0)
  asciidoctor-pdf (= 1.5.0.alpha.5)
  coderay
  rake

BUNDLED WITH
   1.10.6
